GEM
  remote: https://rubygems.org/
  specs:
    amq-protocol (2.3.0)
    bunny (2.12.0)
      amq-protocol (~> 2.3, >= 2.3.0)
    coderay (1.1.2)
    dotenv (2.5.0)
    method_source (0.9.0)
    mustermann (1.0.3)
    pry (0.11.3)
      coderay (~> 1.1.0)
      method_source (~> 0.9.0)
    puma (3.12.0)
    rack (2.0.5)
    rack-protection (2.0.4)
      rack
    sinatra (2.0.4)
      mustermann (~> 1.0)
      rack (~> 2.0)
      rack-protection (= 2.0.4)
      tilt (~> 2.0)
    tilt (2.0.8)

PLATFORMS
  ruby

DEPENDENCIES
  bunny
  dotenv
  pry
  puma
  sinatra

BUNDLED WITH
   1.16.6
